GEM
  remote: https://rubygems.org/
  specs:
    activemodel (4.2.10)
      activesupport (= 4.2.10)
      builder (~> 3.1)
    activerecord (4.2.10)
      activemodel (= 4.2.10)
      activesupport (= 4.2.10)
      arel (~> 6.0)
    activesupport (4.2.10)
      i18n (~> 0.7)
      minitest (~> 5.1)
      thread_safe (~> 0.3, >= 0.3.4)
      tzinfo (~> 1.1)
    arel (6.0.4)
    backports (3.10.3)
    bson (4.3.0)
    bson_ext (1.5.1)
    builder (3.2.3)
    concurrent-ruby (1.0.5)
    i18n (0.9.1)
      concurrent-ruby (~> 1.0)
    kgio (2.11.0)
    minitest (5.10.3)
    mongo (2.5.0)
      bson (>= 4.3.0, < 5.0.0)
    mongoid (5.2.1)
      activemodel (~> 4.0)
      mongo (>= 2.4.1, < 3.0.0)
      origin (~> 2.3)
      tzinfo (>= 0.3.37)
    multi_json (1.12.2)
    mustermann (1.0.0)
    origin (2.3.1)
    rack (2.0.3)
    rack-protection (2.0.0)
      rack
    raindrops (0.18.0)
    rake (11.3.0)
    sinatra (2.0.0)
      mustermann (~> 1.0)
      rack (~> 2.0)
      rack-protection (= 2.0.0)
      tilt (~> 2.0)
    sinatra-activerecord (2.0.13)
      activerecord (>= 3.2)
      sinatra (>= 1.0)
    sinatra-contrib (2.0.0)
      backports (>= 2.0)
      multi_json
      mustermann (~> 1.0)
      rack-protection (= 2.0.0)
      sinatra (= 2.0.0)
      tilt (>= 1.3, < 3)
    sinatra-reloader (1.0)
      sinatra-contrib
    sqlite3 (1.3.13)
    thread_safe (0.3.6)
    tilt (2.0.7)
    tzinfo (1.2.4)
      thread_safe (~> 0.1)
    unicorn (5.3.0)
      kgio (~> 2.6)
      raindrops (~> 0.7)

PLATFORMS
  ruby

DEPENDENCIES
  activerecord (~> 4.2, >= 4.2.6)
  bson_ext
  mongoid
  rake (~> 11.1, >= 11.1.2)
  sinatra (~> 2.0)
  sinatra-activerecord
  sinatra-reloader (~> 1.0)
  sqlite3 (~> 1.3, >= 1.3.11)
  unicorn

BUNDLED WITH
   1.15.4
